PATH
  remote: .
  specs:
    aadigamov_palindrome (0.2.0)

GEM
  remote: https://rubygems.org/
  specs:
    ansi (1.5.0)
    builder (3.2.4)
    minitest (5.14.0)
    minitest-reporters (1.2.0)
      ansi
      builder
      minitest (>= 5.0)
      ruby-progressbar
    rake (13.0.1)
    ruby-progressbar (1.10.1)

PLATFORMS
  ruby

DEPENDENCIES
  aadigamov_palindrome!
  bundler (>= 1.17)
  minitest (~> 5.0)
  minitest-reporters (= 1.2.0)
  rake (>= 12.3.3)

BUNDLED WITH
   2.1.4
